GEM
  remote: http://rubygems.org/
  specs:
    activemodel (3.1.1)
      activesupport (= 3.1.1)
      builder (~> 3.0.0)
      i18n (~> 0.6)
    activerecord (3.1.1)
      activemodel (= 3.1.1)
      activesupport (= 3.1.1)
      arel (~> 2.2.1)
      tzinfo (~> 0.3.29)
    activesupport (3.1.1)
      multi_json (~> 1.0)
    addressable (2.2.6)
    arel (2.2.1)
    builder (3.0.0)
    daemons (1.1.5)
    em-http-request (1.0.0)
      addressable (>= 2.2.3)
      em-socksify
      eventmachine (>= 1.0.0.beta.3)
      http_parser.rb (>= 0.5.2)
    em-resolv-replace (1.1.2)
    em-socksify (0.1.0)
      eventmachine
    em-synchrony (1.0.0)
      eventmachine (>= 1.0.0.beta.1)
    eventmachine (1.0.0.beta.3)
    http_parser.rb (0.5.3)
    i18n (0.6.0)
    multi_json (1.0.3)
    pg (0.12.0)
      rake-compiler (~> 0.7)
    rack (1.3.5)
    rack-fiber_pool (0.9.2)
    rack-protection (1.1.4)
      rack
    rake (0.9.2.2)
    rake-compiler (0.7.9)
      rake
    sinatra (1.3.1)
      rack (>= 1.3.4, ~> 1.3)
      rack-protection (>= 1.1.2, ~> 1.1)
      tilt (>= 1.3.3, ~> 1.3)
    sinatra-activerecord (0.1.3)
      sinatra (>= 0.9.4)
    sinatra-synchrony (0.3.0)
      em-http-request (= 1.0.0)
      em-resolv-replace (>= 1.1.1)
      em-synchrony (= 1.0.0)
      eventmachine (= 1.0.0.beta.3)
      rack-fiber_pool (= 0.9.2)
      sinatra (>= 1.0)
    sqlite3 (1.3.5)
    thin (1.3.1)
      daemons (>= 1.0.9)
      eventmachine (>= 0.12.6)
      rack (>= 1.0.0)
    tilt (1.3.3)
    tzinfo (0.3.31)
    xml-simple (1.1.1)

PLATFORMS
  ruby

DEPENDENCIES
  activerecord
  activesupport
  pg
  sinatra
  sinatra-activerecord
  sinatra-synchrony
  sqlite3
  thin
  xml-simple
